GEM
  remote: http://rubygems.org/
  specs:
    activesupport (3.2.12)
      i18n (~> 0.6)
      multi_json (~> 1.0)
    blankslate (3.1.2)
    charlock_holmes (0.6.9)
    coderay (1.0.9)
    diff-lcs (1.2.1)
    escape_utils (0.2.4)
    ffi (1.0.11)
    gemoji (1.4.0)
    ghpreview (0.0.6)
      github-linguist (= 2.1)
      html-pipeline (= 0.0.6)
      httpclient
      listen
      rb-fsevent
    github-linguist (2.1.0)
      charlock_holmes (~> 0.6.6)
      escape_utils (~> 0.2.3)
      mime-types (~> 1.18)
      pygments.rb (~> 0.2.13)
    github-markdown (0.5.3)
    html-pipeline (0.0.6)
      activesupport (>= 2)
      escape_utils (~> 0.2)
      gemoji (~> 1.0)
      github-linguist (~> 2.1)
      github-markdown (~> 0.5)
      nokogiri (~> 1.4)
      rinku (~> 1.7)
      sanitize (~> 2.0)
    httpclient (2.3.3)
    i18n (0.6.4)
    listen (0.7.3)
    method_source (0.8.1)
    mime-types (1.21)
    multi_json (1.6.1)
    nokogiri (1.5.6)
    pry (0.9.12)
      coderay (~> 1.0.5)
      method_source (~> 0.8)
      slop (~> 3.4)
    pygments.rb (0.2.13)
      rubypython (~> 0.5.3)
    rake (10.0.3)
    rb-fsevent (0.9.3)
    rinku (1.7.2)
    rspec (2.13.0)
      rspec-core (~> 2.13.0)
      rspec-expectations (~> 2.13.0)
      rspec-mocks (~> 2.13.0)
    rspec-core (2.13.0)
    rspec-expectations (2.13.0)
      diff-lcs (>= 1.1.3, < 2.0)
    rspec-mocks (2.13.0)
    rubypython (0.5.3)
      blankslate (>= 2.1.2.3)
      ffi (~> 1.0.7)
    sanitize (2.0.3)
      nokogiri (>= 1.4.4, < 1.6)
    slop (3.4.3)

PLATFORMS
  ruby

DEPENDENCIES
  ghpreview
  pry
  rake
  rspec
